GEM
  remote: http://rubygems.org/
  specs:
    colorize (0.5.8)
    dbf (2.0.0)
      fastercsv (~> 1.5.4)
    fastercsv (1.5.5)
    rchardet (1.3)
    rchardet19 (1.3.5)
    thor (0.16.0)

PLATFORMS
  ruby

DEPENDENCIES
  colorize
  dbf
  rchardet
  rchardet19
  thor
